GEM
  remote: http://rubygems.org/
  specs:
    activemodel (5.2.0)
      activesupport (= 5.2.0)
    activesupport (5.2.0)
      concurrent-ruby (~> 1.0, >= 1.0.2)
      i18n (>= 0.7, < 2)
      minitest (~> 5.1)
      tzinfo (~> 1.1)
    addressable (2.5.2)
      public_suffix (>= 2.0.2, < 4.0)
    concurrent-ruby (1.0.5)
    couchrest (2.0.1)
      httpclient (~> 2.8)
      mime-types (>= 1.15)
      multi_json (~> 1.7)
    couchrest_model (2.0.3)
      activemodel (>= 4.0, >= 3.0)
      couchrest (>= 1.2)
      mime-types (>= 1.16)
      tzinfo (>= 0.3.22)
    daemons (1.2.6)
    eventmachine (1.2.7)
    excon (0.62.0)
    heroku (3.99.1)
      heroku-api (= 0.4.2)
      launchy (= 2.4.3)
      multi_json (= 1.11.2)
      net-ssh (= 2.9.2)
      net-ssh-gateway (= 1.2.0)
      netrc (= 0.10.3)
      rest-client (= 1.6.8)
      rubyzip (= 1.1.7)
    heroku-api (0.4.2)
      excon (~> 0.45)
      multi_json (~> 1.8)
    http_router (0.11.2)
      rack (>= 1.0.0)
      url_mount (~> 0.2.1)
    httpclient (2.8.3)
    i18n (0.9.5)
      concurrent-ruby (~> 1.0)
    launchy (2.4.3)
      addressable (~> 2.3)
    mail (2.7.0)
      mini_mime (>= 0.1.1)
    mime-types (1.25.1)
    mini_mime (1.0.0)
    minitest (5.11.3)
    moneta (0.7.20)
    multi_json (1.11.2)
    mustermann (1.0.2)
    net-ssh (2.9.2)
    net-ssh-gateway (1.2.0)
      net-ssh (>= 2.6.5)
    netrc (0.10.3)
    padrino (0.12.9)
      padrino-admin (= 0.12.9)
      padrino-cache (= 0.12.9)
      padrino-core (= 0.12.9)
      padrino-gen (= 0.12.9)
      padrino-helpers (= 0.12.9)
      padrino-mailer (= 0.12.9)
      padrino-support (= 0.12.9)
    padrino-admin (0.12.9)
      padrino-core (= 0.12.9)
      padrino-helpers (= 0.12.9)
    padrino-cache (0.12.9)
      moneta (~> 0.7.0)
      padrino-core (= 0.12.9)
      padrino-helpers (= 0.12.9)
    padrino-core (0.12.9)
      activesupport (>= 3.1)
      http_router (~> 0.11.0)
      padrino-support (= 0.12.9)
      rack-protection (>= 1.5.0)
      sinatra (>= 1.4.6)
      thor (~> 0.18)
    padrino-gen (0.12.9)
      bundler (~> 1.0)
      padrino-core (= 0.12.9)
    padrino-helpers (0.12.9)
      i18n (~> 0.6, >= 0.6.7)
      padrino-support (= 0.12.9)
      tilt (>= 1.4.1, < 3)
    padrino-mailer (0.12.9)
      mail (~> 2.5)
      mime-types (< 3)
      padrino-core (= 0.12.9)
    padrino-support (0.12.9)
      activesupport (>= 3.1)
    public_suffix (3.0.2)
    rack (2.0.5)
    rack-protection (2.0.3)
      rack
    rake (10.0.3)
    rdoc (6.0.4)
    rest-client (1.6.8)
      mime-types (~> 1.16)
      rdoc (>= 2.4.2)
    rubyzip (1.1.7)
    sinatra (2.0.3)
      mustermann (~> 1.0)
      rack (~> 2.0)
      rack-protection (= 2.0.3)
      tilt (~> 2.0)
    thin (1.7.2)
      daemons (~> 1.0, >= 1.0.9)
      eventmachine (~> 1.0, >= 1.0.4)
      rack (>= 1, < 3)
    thor (0.20.0)
    thread_safe (0.3.6)
    tilt (2.0.8)
    tzinfo (1.2.5)
      thread_safe (~> 0.1)
    url_mount (0.2.1)
      rack

PLATFORMS
  ruby

DEPENDENCIES
  couchrest_model (~> 2.0.3)
  heroku (>= 3.31.0)
  padrino (= 0.12.9)
  rake
  thin (>= 1.5.0)

BUNDLED WITH
   1.16.1
