GEM
  remote: http://rubygems.org/
  specs:
    activemodel (3.1.1)
      activesupport (= 3.1.1)
      builder (~> 3.0.0)
      i18n (~> 0.6)
    activerecord (3.1.1)
      activemodel (= 3.1.1)
      activesupport (= 3.1.1)
      arel (~> 2.2.1)
      tzinfo (~> 0.3.29)
    activesupport (3.1.1)
      multi_json (~> 1.0)
    arel (2.2.1)
    builder (3.0.0)
    diff-lcs (1.1.3)
    erubis (2.7.0)
    grit (2.4.1)
      diff-lcs (~> 1.1)
      mime-types (~> 1.15)
    http_router (0.10.2)
      rack (>= 1.0.0)
      url_mount (~> 0.2.1)
    i18n (0.6.0)
    mail (2.3.0)
      i18n (>= 0.4.0)
      mime-types (~> 1.16)
      treetop (~> 1.4.8)
    mime-types (1.16)
    multi_json (1.0.3)
    padrino (0.10.3)
      padrino-admin (= 0.10.3)
      padrino-cache (= 0.10.3)
      padrino-core (= 0.10.3)
      padrino-gen (= 0.10.3)
      padrino-helpers (= 0.10.3)
      padrino-mailer (= 0.10.3)
    padrino-admin (0.10.3)
      padrino-core (= 0.10.3)
      padrino-helpers (= 0.10.3)
    padrino-cache (0.10.3)
      padrino-core (= 0.10.3)
    padrino-core (0.10.3)
      activesupport (~> 3.1.0)
      http_router (~> 0.10.2)
      sinatra (~> 1.3.0)
      thor (~> 0.14.3)
      tilt (~> 1.3.0)
    padrino-gen (0.10.3)
      bundler (~> 1.0)
      grit (~> 2.4.1)
      padrino-core (= 0.10.3)
    padrino-helpers (0.10.3)
      i18n (~> 0.6)
      padrino-core (= 0.10.3)
    padrino-mailer (0.10.3)
      mail (~> 2.3.0)
      padrino-core (= 0.10.3)
    polyglot (0.3.2)
    rack (1.3.4)
    rack-protection (1.1.4)
      rack
    rake (0.9.2)
    sinatra (1.3.1)
      rack (~> 1.3, >= 1.3.4)
      rack-protection (~> 1.1, >= 1.1.2)
      tilt (~> 1.3, >= 1.3.3)
    sinatra-flash (0.3.0)
      sinatra (>= 1.0.0)
    sqlite3 (1.3.4)
    thor (0.14.6)
    tilt (1.3.3)
    treetop (1.4.10)
      polyglot
      polyglot (>= 0.3.1)
    tzinfo (0.3.30)
    url_mount (0.2.1)
      rack

PLATFORMS
  ruby

DEPENDENCIES
  activerecord
  erubis (~> 2.7.0)
  padrino (= 0.10.3)
  rake
  sinatra-flash
  sqlite3
