GEM
  remote: http://rubygems.org/
  specs:
    activemodel (3.1.9)
      activesupport (= 3.1.9)
      builder (~> 3.0.0)
      i18n (~> 0.6)
    activesupport (3.1.9)
      multi_json (>= 1.0, < 1.3)
    addressable (2.3.2)
    builder (3.0.4)
    couchrest (1.1.3)
      mime-types (~> 1.15)
      multi_json (~> 1.0)
      rest-client (~> 1.6.1)
    couchrest_model (1.1.2)
      activemodel (~> 3.0)
      couchrest (~> 1.1.2)
      mime-types (~> 1.15)
      tzinfo (~> 0.3.22)
    daemons (1.1.9)
    diff-lcs (1.1.3)
    eventmachine (1.0.0)
    excon (0.16.10)
    grit (2.4.1)
      diff-lcs (~> 1.1)
      mime-types (~> 1.15)
    heroku (2.33.5)
      heroku-api (~> 0.3.7)
      launchy (>= 0.3.2)
      netrc (~> 0.7.7)
      rest-client (~> 1.6.1)
      rubyzip
    heroku-api (0.3.7)
      excon (~> 0.16.10)
    http_router (0.10.2)
      rack (>= 1.0.0)
      url_mount (~> 0.2.1)
    i18n (0.6.1)
    launchy (2.1.2)
      addressable (~> 2.3)
    mail (2.3.3)
      i18n (>= 0.4.0)
      mime-types (~> 1.16)
      treetop (~> 1.4.8)
    mime-types (1.19)
    multi_json (1.2.0)
    netrc (0.7.7)
    padrino (0.10.2)
      padrino-admin (= 0.10.2)
      padrino-cache (= 0.10.2)
      padrino-core (= 0.10.2)
      padrino-gen (= 0.10.2)
      padrino-helpers (= 0.10.2)
      padrino-mailer (= 0.10.2)
    padrino-admin (0.10.2)
      padrino-core (= 0.10.2)
      padrino-helpers (= 0.10.2)
    padrino-cache (0.10.2)
      padrino-core (= 0.10.2)
    padrino-core (0.10.2)
      activesupport (~> 3.1.0)
      http_router (~> 0.10.2)
      sinatra (~> 1.2.6)
      thor (~> 0.14.3)
      tilt (~> 1.3.0)
    padrino-gen (0.10.2)
      bundler (~> 1.0)
      grit (~> 2.4.1)
      padrino-core (= 0.10.2)
    padrino-helpers (0.10.2)
      i18n (~> 0.6)
      padrino-core (= 0.10.2)
    padrino-mailer (0.10.2)
      mail (~> 2.3.0)
      padrino-core (= 0.10.2)
    polyglot (0.3.3)
    rack (1.4.1)
    rake (10.0.3)
    rest-client (1.6.7)
      mime-types (>= 1.16)
    rubyzip (0.9.9)
    sinatra (1.2.8)
      rack (~> 1.1)
      tilt (>= 1.2.2, < 2.0)
    thin (1.5.0)
      daemons (>= 1.0.9)
      eventmachine (>= 0.12.6)
      rack (>= 1.0.0)
    thor (0.14.6)
    tilt (1.3.3)
    treetop (1.4.12)
      polyglot
      polyglot (>= 0.3.1)
    tzinfo (0.3.35)
    url_mount (0.2.1)
      rack

PLATFORMS
  ruby

DEPENDENCIES
  couchrest_model (~> 1.1.0)
  heroku
  padrino (= 0.10.2)
  rake
  thin
